GEM
  remote: http://rubygems.org/
  specs:
    bcrypt (3.1.11)
    bcrypt-ruby (3.1.5)
      bcrypt (>= 3.1.3)
    diff-lcs (1.3)
    facter (2.5.1)
    rake (12.3.0)
    rspec (3.7.0)
      rspec-core (~> 3.7.0)
      rspec-expectations (~> 3.7.0)
      rspec-mocks (~> 3.7.0)
    rspec-core (3.7.1)
      rspec-support (~> 3.7.0)
    rspec-expectations (3.7.0)
      diff-lcs (>= 1.2.0, < 2.0)
      rspec-support (~> 3.7.0)
    rspec-mocks (3.7.0)
      diff-lcs (>= 1.2.0, < 2.0)
      rspec-support (~> 3.7.0)
    rspec-support (3.7.1)
    sqlite3 (1.3.13)

PLATFORMS
  ruby

DEPENDENCIES
  bcrypt-ruby
  facter
  rake
  rspec
  sqlite3

BUNDLED WITH
   1.16.0
