GEM
  remote: http://rubygems.org/
  specs:
    bcrypt-ruby (3.1.2)
    diff-lcs (1.2.4)
    facter (1.6.0)
    rake (10.1.0)
    rspec (2.13.0)
      rspec-core (~> 2.13.0)
      rspec-expectations (~> 2.13.0)
      rspec-mocks (~> 2.13.0)
    rspec-core (2.13.1)
    rspec-expectations (2.13.0)
      diff-lcs (>= 1.1.3, < 2.0)
    rspec-mocks (2.13.1)
    sqlite3 (1.3.13)

PLATFORMS
  ruby

DEPENDENCIES
  bcrypt-ruby
  facter (= 1.6)
  rake
  rspec
  sqlite3

BUNDLED WITH
   1.11.2
